GEM
  remote: https://ruby.taobao.org/
  specs:
    activesupport (3.2.17)
      i18n (~> 0.6, >= 0.6.4)
      multi_json (~> 1.0)
    addressable (2.3.6)
    daemons (1.1.9)
    em-hiredis (0.2.1)
      hiredis (~> 0.4.0)
    em-http-request (0.3.0)
      addressable (>= 2.0.0)
      escape_utils
      eventmachine (>= 0.12.9)
    em-websocket (0.5.1)
      eventmachine (>= 0.12.9)
      http_parser.rb (~> 0.6.0)
    escape_utils (1.0.1)
    eventmachine (1.0.3)
    glamazon (0.3.1)
      activesupport (>= 3.1.0)
      i18n (~> 0.6.0)
      yajl-ruby (>= 0.7.7)
    hiredis (0.4.5)
    http_parser.rb (0.6.0)
    i18n (0.6.9)
    multi_json (1.9.3)
    rack (1.4.5)
    rack-fiber_pool (0.9.3)
    rack-protection (1.5.3)
      rack
    signature (0.1.7)
    sinatra (1.4.5)
      rack (~> 1.4)
      rack-protection (~> 1.4)
      tilt (~> 1.3, >= 1.3.4)
    slanger (0.3.9)
      activesupport (~> 3.1)
      em-hiredis (~> 0.2.0)
      em-http-request (~> 0.3.0)
      em-websocket (~> 0.5.0)
      eventmachine (~> 1.0.0)
      glamazon (~> 0.3.1)
      rack (~> 1.4.5)
      rack-fiber_pool (~> 0.9.2)
      signature (~> 0.1.6)
      sinatra (~> 1.4.4)
      thin (~> 1.6.0)
    thin (1.6.2)
      daemons (>= 1.0.9)
      eventmachine (>= 1.0.0)
      rack (>= 1.0.0)
    tilt (1.4.1)
    yajl-ruby (1.2.0)

PLATFORMS
  ruby

DEPENDENCIES
  slanger (~> 0.3.9)
